GEM
  remote: https://rubygems.org/
  specs:
    activesupport (5.2.3)
      concurrent-ruby (~> 1.0, >= 1.0.2)
      i18n (>= 0.7, < 2)
      minitest (~> 5.1)
      tzinfo (~> 1.1)
    addressable (2.6.0)
      public_suffix (>= 2.0.2, < 4.0)
    coderay (1.1.2)
    colorator (1.1.0)
    colorize (0.8.1)
    concurrent-ruby (1.1.5)
    em-websocket (0.5.1)
      eventmachine (>= 0.12.9)
      http_parser.rb (~> 0.6.0)
    ethon (0.12.0)
      ffi (>= 1.3.0)
    eventmachine (1.2.7)
    ffi (1.11.1)
    formatador (0.2.5)
    forwardable-extended (2.6.0)
    guard (2.15.0)
      formatador (>= 0.2.4)
      listen (>= 2.7, < 4.0)
      lumberjack (>= 1.0.12, < 2.0)
      nenv (~> 0.1)
      notiffany (~> 0.0)
      pry (>= 0.9.12)
      shellany (~> 0.0)
      thor (>= 0.18.1)
    guard-bundler (2.2.1)
      bundler (>= 1.3.0, < 3)
      guard (~> 2.2)
      guard-compat (~> 1.1)
    guard-compat (1.2.1)
    guard-jekyll-plus (2.0.2)
      guard (~> 2.10, >= 2.10.3)
      guard-compat (~> 1.1)
      jekyll (>= 1.0.0)
    guard-livereload (2.5.2)
      em-websocket (~> 0.5)
      guard (~> 2.8)
      guard-compat (~> 1.0)
      multi_json (~> 1.8)
    haml (5.1.1)
      temple (>= 0.8.0)
      tilt
    html-proofer (3.10.2)
      activesupport (>= 4.2, < 6.0)
      addressable (~> 2.3)
      colorize (~> 0.8)
      mercenary (~> 0.3.2)
      nokogiri (~> 1.9)
      parallel (~> 1.3)
      typhoeus (~> 1.3)
      yell (~> 2.0)
    http_parser.rb (0.6.0)
    i18n (0.9.5)
      concurrent-ruby (~> 1.0)
    jekyll (3.8.5)
      addressable (~> 2.4)
      colorator (~> 1.0)
      em-websocket (~> 0.5)
      i18n (~> 0.7)
      jekyll-sass-converter (~> 1.0)
      jekyll-watch (~> 2.0)
      kramdown (~> 1.14)
      liquid (~> 4.0)
      mercenary (~> 0.3.3)
      pathutil (~> 0.9)
      rouge (>= 1.7, < 4)
      safe_yaml (~> 1.0)
    jekyll-contentblocks (1.2.0)
      jekyll
    jekyll-redirect-from (0.15.0)
      jekyll (>= 3.3, < 5.0)
    jekyll-sass-converter (1.5.2)
      sass (~> 3.4)
    jekyll-watch (2.2.1)
      listen (~> 3.0)
    kramdown (1.17.0)
    liquid (4.0.3)
    listen (3.1.5)
      rb-fsevent (~> 0.9, >= 0.9.4)
      rb-inotify (~> 0.9, >= 0.9.7)
      ruby_dep (~> 1.2)
    lumberjack (1.0.13)
    mercenary (0.3.6)
    method_source (0.9.2)
    mini_portile2 (2.4.0)
    minitest (5.11.3)
    multi_json (1.13.1)
    nenv (0.3.0)
    nokogiri (1.10.3)
      mini_portile2 (~> 2.4.0)
    notiffany (0.1.1)
      nenv (~> 0.1)
      shellany (~> 0.0)
    parallel (1.17.0)
    pathutil (0.16.2)
      forwardable-extended (~> 2.6)
    pry (0.12.2)
      coderay (~> 1.1.0)
      method_source (~> 0.9.0)
    public_suffix (3.1.0)
    rb-fsevent (0.10.3)
    rb-inotify (0.10.0)
      ffi (~> 1.0)
    rouge (3.4.0)
    ruby_dep (1.5.0)
    safe_yaml (1.0.5)
    sass (3.7.4)
      sass-listen (~> 4.0.0)
    sass-listen (4.0.0)
      rb-fsevent (~> 0.9, >= 0.9.4)
      rb-inotify (~> 0.9, >= 0.9.7)
    shellany (0.0.1)
    temple (0.8.1)
    thor (0.20.3)
    thread_safe (0.3.6)
    tilt (2.0.9)
    typhoeus (1.3.1)
      ethon (>= 0.9.0)
    tzinfo (1.2.5)
      thread_safe (~> 0.1)
    yell (2.2.0)

PLATFORMS
  ruby

DEPENDENCIES
  guard
  guard-bundler
  guard-jekyll-plus
  guard-livereload
  haml
  html-proofer
  jekyll
  jekyll-contentblocks
  jekyll-redirect-from
  nokogiri
  rouge
  sass

BUNDLED WITH
   1.17.3
